PATH
  remote: .
  specs:
    hockeyapp (0.0.1)
      activemodel
      httmultiparty

GEM
  remote: http://rubygems.org/
  specs:
    activemodel (3.2.1)
      activesupport (= 3.2.1)
      builder (~> 3.0.0)
    activesupport (3.2.1)
      i18n (~> 0.6)
      multi_json (~> 1.0)
    builder (3.0.0)
    httmultiparty (0.3.6)
      httparty (>= 0.7.3)
      multipart-post
    httparty (0.8.1)
      multi_json
      multi_xml
    i18n (0.6.0)
    multi_json (1.0.4)
    multi_xml (0.4.1)
    multipart-post (1.1.4)

PLATFORMS
  ruby

DEPENDENCIES
  hockeyapp!
